PATH
  remote: .
  specs:
    minitest_lucid (0.1.0)

GEM
  remote: https://rubygems.org/
  specs:
    minitest (5.11.3)
    rake (10.5.0)

PLATFORMS
  x64-mingw32

DEPENDENCIES
  bundler (~> 1.16)
  minitest (~> 5.0)
  minitest_lucid!
  rake (~> 10.0)

BUNDLED WITH
   1.16.2
