PATH
  remote: .
  specs:
    minitest_lucid (1.0.0)
      diff-lcs (~> 1.3)

GEM
  remote: https://rubygems.org/
  specs:
    diff-lcs (1.3)
    lorem-ipsum (0.1.1)
    markdown_helper (2.0.0)
    minitest (5.11.3)
    rake (10.5.0)

PLATFORMS
  x64-mingw32

DEPENDENCIES
  bundler (~> 1.16)
  lorem-ipsum (~> 0.1)
  markdown_helper (~> 2.0)
  minitest (~> 5.0)
  minitest_lucid!
  rake (~> 10.0)

BUNDLED WITH
   1.16.4
